GEM
  remote: https://rubygems.org/
  specs:
    concurrent-ruby (1.2.3)
    concurrent-ruby-edge (0.7.0)
      concurrent-ruby (~> 1.2.0)
    minitest (5.22.3)

PLATFORMS
  ruby
  x86_64-linux

DEPENDENCIES
  concurrent-ruby
  concurrent-ruby-edge (~> 0.7.0)
  minitest (~> 5.22)

BUNDLED WITH
   2.5.11
